GEM
  remote: https://rubygems.org/
  specs:
    actionview (7.0.4)
      activesupport (= 7.0.4)
      builder (~> 3.1)
      erubi (~> 1.4)
      rails-dom-testing (~> 2.0)
      rails-html-sanitizer (~> 1.1, >= 1.2.0)
    activerecord (3.2.14)
    activesupport (7.0.4)
      concurrent-ruby (~> 1.0, >= 1.0.2)
      i18n (>= 1.6, < 2)
      minitest (>= 5.1)
      tzinfo (~> 2.0)
    async (1.26.2)
      console (~> 1.0)
      nio4r (~> 2.3)
      timers (~> 4.1)
    async-io (1.34.0)
      async
    async-websocket (0.8.0)
      async-io
      websocket-driver (~> 0.7.0)
    builder (3.2.4)
    coderay (1.1.3)
    concurrent-ruby (1.1.6)
    console (1.8.2)
    crass (1.0.6)
    dotenv (2.7.5)
    erubi (1.9.0)
    faraday (2.6.0)
      faraday-net_http (>= 2.0, < 3.1)
      ruby2_keywords (>= 0.0.4)
    faraday-mashify (0.1.1)
      faraday (~> 2.0)
      hashie
    faraday-multipart (1.0.4)
      multipart-post (~> 2)
    faraday-net_http (3.0.1)
    gli (2.19.0)
    hashie (4.1.0)
    i18n (1.8.2)
      concurrent-ruby (~> 1.0)
    loofah (2.19.0)
      crass (~> 1.0.2)
      nokogiri (>= 1.5.9)
    method_source (1.0.0)
    mini_portile2 (2.8.0)
    minitest (5.16.3)
    multipart-post (2.1.1)
    nio4r (2.5.2)
    nokogiri (1.13.9)
      mini_portile2 (~> 2.8.0)
      racc (~> 1.4)
    pg (1.2.3)
    postgresql (1.0.0)
      pg
    pry (0.14.1)
      coderay (~> 1.1)
      method_source (~> 1.0)
    racc (1.6.0)
    rails-dom-testing (2.0.3)
      activesupport (>= 4.2.0)
      nokogiri (>= 1.6)
    rails-html-sanitizer (1.4.3)
      loofah (~> 2.3)
    rake (13.0.6)
    ruby2_keywords (0.0.5)
    slack-ruby-client (2.0.0)
      faraday (>= 2.0)
      faraday-mashify
      faraday-multipart
      gli
      hashie
      websocket-driver
    timers (4.3.5)
    tzinfo (2.0.5)
      concurrent-ruby (~> 1.0)
    websocket-driver (0.7.1)
      websocket-extensions (>= 0.1.0)
    websocket-extensions (0.1.5)

PLATFORMS
  ruby

DEPENDENCIES
  actionview
  activerecord
  async-websocket
  dotenv
  nokogiri
  postgresql
  pry
  rake
  slack-ruby-client

BUNDLED WITH
   2.0.2
